GEM
  remote: https://rubygems.org/
  specs:
    Ascii85 (1.0.2)
    actionmailer (2.3.18)
      actionpack (= 2.3.18)
    actionpack (2.3.18)
      activesupport (= 2.3.18)
      rack (~> 1.1.0)
    activerecord (2.3.18)
      activesupport (= 2.3.18)
    activeresource (2.3.18)
      activesupport (= 2.3.18)
    activesupport (2.3.18)
    daemons (1.2.3)
    eventmachine (1.0.8)
    iconv (1.0.4)
    pdf-core (0.1.6)
    pdf-reader (0.8.6)
      Ascii85 (>= 0.9)
    prawn (0.15.0)
      pdf-core (~> 0.1.3)
      ttfunk (~> 1.1.0)
    rack (1.1.6)
    rails (2.3.18)
      actionmailer (= 2.3.18)
      actionpack (= 2.3.18)
      activerecord (= 2.3.18)
      activeresource (= 2.3.18)
      activesupport (= 2.3.18)
      rake (>= 0.8.3)
    rake (10.1.1)
    rubyzip (1.1.7)
    serenity-odt (0.2.1)
      rubyzip (>= 0.9.1)
    sqlite3 (1.3.10)
    thin (1.6.3)
      daemons (~> 1.0, >= 1.0.9)
      eventmachine (~> 1.0)
      rack (~> 1.0)
    ttfunk (1.1.1)

PLATFORMS
  ruby

DEPENDENCIES
  Ascii85 (~> 1.0.0)
  iconv
  pdf-reader (~> 0.8.6)
  prawn (~> 0.10)
  rails (= 2.3.18)
  rake (~> 10.1.1)
  serenity-odt (~> 0.2.1)
  sqlite3
  thin

BUNDLED WITH
   1.10.6
